GEM
  remote: https://rubygems.org/
  specs:
    passenger (6.0.9)
      rack
      rake (>= 0.8.1)
    rack (1.6.11)
    rake (13.0.3)
    sinatra (1.1.0)
      rack (~> 1.1)
      tilt (~> 1.1)
    tilt (1.4.1)

PLATFORMS
  ruby

DEPENDENCIES
  passenger (>= 6.0.9)
  sinatra (= 1.1.0)

BUNDLED WITH
   1.16.1
