GEM
  remote: https://rubygems.org/
  specs:
    mustermann (2.0.2)
      ruby2_keywords (~> 0.0.1)
    passenger (6.0.20)
      rack
      rake (>= 0.8.1)
    rack (2.2.8)
    rack-protection (2.2.4)
      rack
    rake (13.1.0)
    ruby2_keywords (0.0.5)
    sinatra (2.2.4)
      mustermann (~> 2.0)
      rack (~> 2.2)
      rack-protection (= 2.2.4)
      tilt (~> 2.0)
    tilt (2.3.0)

PLATFORMS
  x86_64-darwin-22

DEPENDENCIES
  passenger (>= 6.0.20)
  sinatra (~> 2.2.0)

BUNDLED WITH
   2.4.15
